PATH
  remote: .
  specs:
    sunxi-gpio (0.0.1)

GEM
  remote: http://rubygems.org/
  specs:
    rake (10.3.2)
    rake-compiler (0.9.3)
      rake

PLATFORMS
  ruby

DEPENDENCIES
  rake (~> 10.1)
  rake-compiler (~> 0.9)
  sunxi-gpio!
